GEM
  remote: https://rubygems.org/
  specs:
    middleman-gh-pages (0.3.1)
      rake (> 0.9.3)
    rake (12.0.0)

PLATFORMS
  ruby

DEPENDENCIES
  middleman-gh-pages

BUNDLED WITH
   1.14.3
